GIT
  remote: git://github.com/uqbar-project/mumukit-bridge.git
  revision: f88727363627c51f6032b43e0839f77d23414439
  branch: master
  specs:
    mumukit-bridge (0.0.1)
      rest-client

GIT
  remote: git://github.com/uqbar-project/mumukit-inspection.git
  revision: 7c29d27aaaa52b021a9d6c7ad0e9c7b4b39fa205
  branch: master
  specs:
    mumukit-inspection (0.0.1)

GIT
  remote: git://github.com/uqbar-project/mumukit.git
  revision: bd843d53dae087743a3ba8a995b234853b85612a
  tag: v0.2.0
  specs:
    mumukit (0.2.0)
      sinatra (~> 1.4)

GEM
  remote: https://rubygems.org/
  specs:
    diff-lcs (1.2.5)
    domain_name (0.5.24)
      unf (>= 0.0.5, < 1.0.0)
    http-cookie (1.0.2)
      domain_name (~> 0.5)
    mime-types (2.5)
    netrc (0.10.3)
    rack (1.6.0)
    rack-protection (1.5.3)
      rack
    rake (10.4.2)
    rest-client (1.8.0)
      http-cookie (>= 1.0.2, < 2.0)
      mime-types (>= 1.16, < 3.0)
      netrc (~> 0.7)
    rspec (2.13.0)
      rspec-core (~> 2.13.0)
      rspec-expectations (~> 2.13.0)
      rspec-mocks (~> 2.13.0)
    rspec-core (2.13.1)
    rspec-expectations (2.13.0)
      diff-lcs (>= 1.1.3, < 2.0)
    rspec-mocks (2.13.1)
    sinatra (1.4.6)
      rack (~> 1.4)
      rack-protection (~> 1.4)
      tilt (>= 1.3, < 3)
    tilt (2.0.1)
    unf (0.1.4)
      unf_ext
    unf_ext (0.0.7.1)

PLATFORMS
  ruby

DEPENDENCIES
  mumukit!
  mumukit-bridge!
  mumukit-inspection!
  rake
  rspec (= 2.13)
