GIT
  remote: git://github.com/mumuki/mumukit-bridge.git
  revision: 0720c79b69a1297f02db1afb5c6aa26d62f008a0
  branch: master
  specs:
    mumukit-bridge (0.0.1)
      rest-client

GIT
  remote: git://github.com/mumuki/mumukit-inspection.git
  revision: 11f0a129b18138336a2d2b1c9b72b97b2f34b208
  branch: master
  specs:
    mumukit-inspection (0.0.1)

GIT
  remote: git://github.com/mumuki/mumukit.git
  revision: d656eec269ebf08d9556efe67383b48fd2c065cd
  branch: issue-#11-i18n
  specs:
    mumukit (0.5.0)
      i18n (~> 0.7)
      sinatra (~> 1.4)

GEM
  remote: https://rubygems.org/
  specs:
    diff-lcs (1.2.5)
    domain_name (0.5.24)
      unf (>= 0.0.5, < 1.0.0)
    http-cookie (1.0.2)
      domain_name (~> 0.5)
    i18n (0.7.0)
    mime-types (2.6.1)
    netrc (0.10.3)
    rack (1.6.2)
    rack-protection (1.5.3)
      rack
    rake (10.4.2)
    rest-client (1.8.0)
      http-cookie (>= 1.0.2, < 2.0)
      mime-types (>= 1.16, < 3.0)
      netrc (~> 0.7)
    rspec (2.13.0)
      rspec-core (~> 2.13.0)
      rspec-expectations (~> 2.13.0)
      rspec-mocks (~> 2.13.0)
    rspec-core (2.13.1)
    rspec-expectations (2.13.0)
      diff-lcs (>= 1.1.3, < 2.0)
    rspec-mocks (2.13.1)
    sinatra (1.4.6)
      rack (~> 1.4)
      rack-protection (~> 1.4)
      tilt (>= 1.3, < 3)
    tilt (2.0.1)
    unf (0.1.4)
      unf_ext
    unf_ext (0.0.7.1)

PLATFORMS
  ruby

DEPENDENCIES
  mumukit!
  mumukit-bridge!
  mumukit-inspection!
  rake
  rspec (= 2.13)
